GEM
  remote: https://rubygems.org/
  specs:
    addressable (2.6.0)
      public_suffix (>= 2.0.2, < 4.0)
    backports (3.15.0)
    bond (0.4.3)
    diffy (3.3.0)
    dns-zone (0.3.1)
    domain_name (0.5.20190701)
      unf (>= 0.0.5, < 1.0.0)
    faraday (0.15.4)
      multipart-post (>= 1.2, < 3)
    faraday-cookie_jar (0.0.6)
      faraday (>= 0.7.4)
      http-cookie (~> 1.0.0)
    faraday_middleware (0.13.1)
      faraday (>= 0.7.4, < 1.0)
    hash_validator (1.0.0)
    hashdiff (1.0.0)
    http-cookie (1.0.3)
      domain_name (~> 0.5)
    ipaddress (0.8.3)
    json (1.8.6)
    mediawiki_api (0.7.1)
      faraday (~> 0.9, >= 0.9.0)
      faraday-cookie_jar (~> 0.0, >= 0.0.6)
      faraday_middleware (~> 0.10, >= 0.10.0)
    mime-types (2.99.3)
    multipart-post (2.1.1)
    net-ssh (4.2.0)
    net-ssh-gateway (2.0.0)
      net-ssh (>= 4.0.0)
    net-ssh-multi (1.2.1)
      net-ssh (>= 2.6.5)
      net-ssh-gateway (>= 1.2.0)
    netrc (0.11.0)
    peach (0.5.1)
    public_suffix (3.1.1)
    rack (2.0.7)
    rack-cache (1.9.0)
      rack (>= 0.4)
    rb-readline (0.5.5)
    rest-client (1.8.0)
      http-cookie (>= 1.0.2, < 2.0)
      mime-types (>= 1.16, < 3.0)
      netrc (~> 0.7)
    rest-client-components (1.5.0)
      rack (>= 1.0.1)
      rest-client (>= 1.6.0)
    restfully (1.2.0)
      addressable
      backports
      json (~> 1.5)
      rack-cache
      rb-readline
      rest-client (~> 1.6)
      rest-client-components
      ripl (= 0.6.1)
      ripl-color_streams
      ripl-multi_line
      ripl-play (~> 0.2.1)
      ripl-short_errors
    ripl (0.6.1)
      bond (~> 0.4.0)
    ripl-color_streams (0.1.2)
      ripl (>= 0.2.8)
    ripl-multi_line (0.3.1)
      ripl (>= 0.3.6)
    ripl-play (0.2.1)
      ripl (>= 0.3.0)
    ripl-short_errors (0.1.0)
      ripl (>= 0.2.8)
    ruby-cute (0.12)
      ipaddress (>= 0.8)
      json (>= 1.8)
      net-ssh-multi (>= 1.2)
      rest-client (>= 1.6)
    unf (0.1.4)
      unf_ext
    unf_ext (0.0.7.6)

PLATFORMS
  ruby

DEPENDENCIES
  diffy
  dns-zone
  hash_validator
  hashdiff
  mediawiki_api
  net-ssh
  peach
  restfully
  ruby-cute
